GEM
  remote: https://rubygems.org/
  specs:
    ast (2.4.0)
    connection_pool (2.2.2)
    jar-dependencies (0.4.0)
    jaro_winkler (1.5.2-java)
    mustermann (1.0.3)
    parallel (1.14.0)
    parser (2.6.0.0)
      ast (~> 2.4.0)
    powerpack (0.1.2)
    psych (3.1.0-java)
      jar-dependencies (>= 0.1.7)
    rack (2.0.6)
    rack-protection (2.0.5)
      rack
    rainbow (3.0.0)
    redis (4.1.0)
    rubocop (0.65.0)
      jaro_winkler (~> 1.5.1)
      parallel (~> 1.10)
      parser (>= 2.5, != 2.5.1.1)
      powerpack (~> 0.1)
      psych (>= 3.1.0)
      rainbow (>= 2.2.2, < 4.0)
      ruby-progressbar (~> 1.7)
      unicode-display_width (~> 1.4.0)
    ruby-progressbar (1.10.0)
    sidekiq (5.2.5)
      connection_pool (~> 2.2, >= 2.2.2)
      rack (>= 1.5.0)
      rack-protection (>= 1.5.0)
      redis (>= 3.3.5, < 5)
    sinatra (2.0.5)
      mustermann (~> 1.0)
      rack (~> 2.0)
      rack-protection (= 2.0.5)
      tilt (~> 2.0)
    tilt (2.0.9)
    unicode-display_width (1.4.1)

PLATFORMS
  java

DEPENDENCIES
  rubocop
  sidekiq
  sinatra

RUBY VERSION
   ruby 2.5.0p0 (jruby 9.2.0.0)

BUNDLED WITH
   2.0.1
