GEM
  remote: https://rubygems.org/
  specs:
    ast (2.4.0)
    coderay (1.1.2)
    connection_pool (2.2.2)
    faraday (0.15.4)
      multipart-post (>= 1.2, < 3)
    ffi (1.10.0-java)
    jar-dependencies (0.4.0)
    jaro_winkler (1.5.2)
    jaro_winkler (1.5.2-java)
    jwt (2.1.0)
    method_source (0.9.2)
    mini_portile2 (2.4.0)
    multipart-post (2.0.0)
    mustermann (1.0.3)
    nokogiri (1.10.1)
      mini_portile2 (~> 2.4.0)
    nokogiri (1.10.1-java)
    parallel (1.14.0)
    parser (2.6.2.0)
      ast (~> 2.4.0)
    pry (0.12.2)
      coderay (~> 1.1.0)
      method_source (~> 0.9.0)
    pry (0.12.2-java)
      coderay (~> 1.1.0)
      method_source (~> 0.9.0)
      spoon (~> 0.0)
    psych (3.1.0)
    psych (3.1.0-java)
      jar-dependencies (>= 0.1.7)
    rack (2.0.6)
    rack-protection (2.0.5)
      rack
    rainbow (3.0.0)
    redis (4.1.0)
    rubocop (0.66.0)
      jaro_winkler (~> 1.5.1)
      parallel (~> 1.10)
      parser (>= 2.5, != 2.5.1.1)
      psych (>= 3.1.0)
      rainbow (>= 2.2.2, < 4.0)
      ruby-progressbar (~> 1.7)
      unicode-display_width (>= 1.4.0, < 1.6)
    ruby-progressbar (1.10.0)
    sidekiq (5.2.5)
      connection_pool (~> 2.2, >= 2.2.2)
      rack (>= 1.5.0)
      rack-protection (>= 1.5.0)
      redis (>= 3.3.5, < 5)
    sinatra (2.0.5)
      mustermann (~> 1.0)
      rack (~> 2.0)
      rack-protection (= 2.0.5)
      tilt (~> 2.0)
    spoon (0.0.6)
      ffi
    tilt (2.0.9)
    twilio-ruby (5.21.2)
      faraday (~> 0.9)
      jwt (>= 1.5, <= 2.5)
      nokogiri (>= 1.6, < 2.0)
    unicode-display_width (1.5.0)

PLATFORMS
  java
  ruby

DEPENDENCIES
  pry
  rubocop
  sidekiq
  sinatra
  twilio-ruby

RUBY VERSION
   ruby 2.5.1p57

BUNDLED WITH
   2.0.1
